GEM
  remote: http://rubygems.org/
  specs:
    archive-tar-minitar (0.5.2)
    html_to_plain_text (1.0.2)
      nokogiri (>= 1.4.0)
    httpclient (2.6.0.1)
    mime-types (2.4.3)
    mini_portile (0.6.2)
    morph-cli (0.2.1)
      archive-tar-minitar
      rest-client
      thor (> 0.17)
    netrc (0.10.2)
    nokogiri (1.6.5)
      mini_portile (~> 0.6.0)
    rest-client (1.7.2)
      mime-types (>= 1.16, < 3.0)
      netrc (~> 0.7)
    scraperwiki (3.0.2)
      httpclient
      sqlite_magic
    sqlite3 (1.3.10)
    sqlite_magic (0.0.3)
      sqlite3
    thor (0.18.1)

PLATFORMS
  ruby

DEPENDENCIES
  html_to_plain_text
  morph-cli
  nokogiri
  scraperwiki
