GEM
  remote: http://rubygems.org/
  specs:
    html_to_plain_text (1.0.2)
      nokogiri (>= 1.4.0)
    httpclient (2.6.0.1)
    mini_portile (0.6.2)
    nokogiri (1.6.5)
      mini_portile (~> 0.6.0)
    scraperwiki (3.0.2)
      httpclient
      sqlite_magic
    sqlite3 (1.3.10)
    sqlite_magic (0.0.3)
      sqlite3

PLATFORMS
  ruby

DEPENDENCIES
  html_to_plain_text
  nokogiri
  scraperwiki
